GEM
  remote: https://rubygems.org/
  specs:

PLATFORMS
  x86_64-linux

DEPENDENCIES

RUBY VERSION
   ruby 3.2.1p31

BUNDLED WITH
   2.4.6
